GEM
  remote: https://rubygems.org/
  specs:
    addressable (2.8.1)
      public_suffix (>= 2.0.2, < 6.0)
    backports (3.15.0)
    daemons (1.3.1)
    eventmachine (1.2.7)
    git (1.13.0)
      addressable (~> 2.8)
      rchardet (~> 1.8)
    multi_json (1.13.1)
    mustermann (1.0.3)
    public_suffix (5.0.1)
    rack (2.0.7)
    rack-protection (2.0.5)
      rack
    rchardet (1.8.0)
    sinatra (2.0.5)
      mustermann (~> 1.0)
      rack (~> 2.0)
      rack-protection (= 2.0.5)
      tilt (~> 2.0)
    sinatra-contrib (2.0.5)
      backports (>= 2.8.2)
      multi_json
      mustermann (~> 1.0)
      rack-protection (= 2.0.5)
      sinatra (= 2.0.5)
      tilt (>= 1.3, < 3)
    thin (1.7.2)
      daemons (~> 1.0, >= 1.0.9)
      eventmachine (~> 1.0, >= 1.0.4)
      rack (>= 1, < 3)
    tilt (2.0.9)

PLATFORMS
  ruby

DEPENDENCIES
  git!
  rack!
  sinatra!
  sinatra-contrib!
  thin!

BUNDLED WITH
   1.17.3
